GEM
  remote: http://rubygems.org/
  specs:
    abstract (1.0.0)
    actionmailer (3.0.4)
      actionpack (= 3.0.4)
      mail (~> 2.2.15)
    actionpack (3.0.4)
      activemodel (= 3.0.4)
      activesupport (= 3.0.4)
      builder (~> 2.1.2)
      erubis (~> 2.6.6)
      i18n (~> 0.4)
      rack (~> 1.2.1)
      rack-mount (~> 0.6.13)
      rack-test (~> 0.5.7)
      tzinfo (~> 0.3.23)
    activemodel (3.0.4)
      activesupport (= 3.0.4)
      builder (~> 2.1.2)
      i18n (~> 0.4)
    activerecord (3.0.4)
      activemodel (= 3.0.4)
      activesupport (= 3.0.4)
      arel (~> 2.0.2)
      tzinfo (~> 0.3.23)
    activeresource (3.0.4)
      activemodel (= 3.0.4)
      activesupport (= 3.0.4)
    activesupport (3.0.4)
    arel (2.0.6)
    builder (2.1.2)
    bunny (0.6.0)
    chef (0.9.12)
      bunny (>= 0.6.0)
      erubis
      extlib
      highline
      json (>= 1.4.4, <= 1.4.6)
      mixlib-authentication (>= 1.1.0)
      mixlib-cli (>= 1.1.0)
      mixlib-config (>= 1.1.2)
      mixlib-log (>= 1.2.0)
      moneta
      ohai (>= 0.5.7)
      rest-client (>= 1.0.4, < 1.7.0)
      uuidtools
    erubis (2.6.6)
      abstract (>= 1.0.0)
    extlib (0.9.14)
    haml (3.0.22)
    highline (1.5.0)
    i18n (0.4.2)
    json (1.4.6)
    mail (2.2.15)
      activesupport (>= 2.3.6)
      i18n (>= 0.4.0)
      mime-types (~> 1.16)
      treetop (~> 1.4.8)
    mime-types (1.16)
    mixlib-authentication (1.1.2)
      mixlib-log
    mixlib-cli (1.1.0)
    mixlib-config (1.1.2)
    mixlib-log (1.2.0)
    moneta (0.6.0)
    ohai (0.5.8)
      extlib
      json (>= 1.4.4, <= 1.4.6)
      mixlib-cli
      mixlib-config
      mixlib-log
      systemu
    polyglot (0.3.1)
    rack (1.2.1)
    rack-mount (0.6.13)
      rack (>= 1.0.0)
    rack-test (0.5.7)
      rack (>= 1.0)
    rails (3.0.4)
      actionmailer (= 3.0.4)
      actionpack (= 3.0.4)
      activerecord (= 3.0.4)
      activeresource (= 3.0.4)
      activesupport (= 3.0.4)
      bundler (~> 1.0)
      railties (= 3.0.4)
    railties (3.0.4)
      actionpack (= 3.0.4)
      activesupport (= 3.0.4)
      rake (>= 0.8.7)
      thor (~> 0.14.4)
    rake (0.8.7)
    rest-client (1.5.1)
      mime-types (>= 1.16)
    sqlite3 (1.3.3)
    systemu (1.2.0)
    thor (0.14.6)
    treetop (1.4.9)
      polyglot (>= 0.3.1)
    tzinfo (0.3.23)
    uuidtools (2.1.1)

PLATFORMS
  ruby

DEPENDENCIES
  chef
  haml
  rails (= 3.0.4)
  sqlite3
